GEM
  remote: http://rubygems.org/
  specs:
    blankslate (3.1.3)
    cantor (1.2.1)
    diff-lcs (1.3)
    docile (1.3.1)
    json (2.1.0)
    rake (12.3.2)
    rcov (1.0.0)
    redcarpet (3.4.0)
    rspec (3.8.0)
      rspec-core (~> 3.8.0)
      rspec-expectations (~> 3.8.0)
      rspec-mocks (~> 3.8.0)
    rspec-collection_matchers (1.1.3)
      rspec-expectations (>= 2.99.0.beta1)
    rspec-core (3.8.0)
      rspec-support (~> 3.8.0)
    rspec-expectations (3.8.2)
      diff-lcs (>= 1.2.0, < 2.0)
      rspec-support (~> 3.8.0)
    rspec-mocks (3.8.0)
      diff-lcs (>= 1.2.0, < 2.0)
      rspec-support (~> 3.8.0)
    rspec-support (3.8.0)
    simplecov (0.16.1)
      docile (~> 1.1)
      json (>= 1.8, < 3)
      simplecov-html (~> 0.10.0)
    simplecov-html (0.10.2)
    term-ansicolor (1.7.0)
      tins (~> 1.0)
    tins (1.20.2)
    yard (0.9.16)

PLATFORMS
  java
  ruby

DEPENDENCIES
  blankslate
  cantor (~> 1.2.1)
  rake
  rcov (~> 1.0.0)
  redcarpet (~> 3.4.0)
  rspec (= 3.8.0)
  rspec-collection_matchers
  simplecov
  term-ansicolor
  yard (~> 0.9.12)

BUNDLED WITH
   1.16.6
